GEM
  remote: https://rubygems.org/
  specs:
    test_gem (1.3.0)
    ignored_gem (1.6.0)
PLATFORMS
  ruby

DEPENDENCIES
  test_gem (~> 1.3.0)
  ignored_gem (~> 1.6.1)

RUBY VERSION
   ruby 2.5.3p105

BUNDLED WITH
   1.17.3
